GEM
  remote: https://rubygems.org/
  specs:
    artii (2.1.2)
    concurrent-ruby (1.1.5)
    funtimes (0.4.0)
    httparty (0.17.1)
      mime-types (~> 3.0)
      multi_xml (>= 0.5.2)
    i18n (1.7.0)
      concurrent-ruby (~> 1.0)
    mime-types (3.3)
      mime-types-data (~> 3.2015)
    mime-types-data (3.2019.1009)
    multi_xml (0.6.0)
    zodiac (0.2.10)
      funtimes
      i18n

PLATFORMS
  ruby

DEPENDENCIES
  artii (~> 2.1)
  httparty (~> 0.17.1)
  zodiac (~> 0.2.10)

BUNDLED WITH
   2.0.2
